GEM
  remote: https://rubygems.org/
  specs:
    coderay (1.0.5)
    crack (0.1.8)
    httparty (0.7.8)
      crack (= 0.1.8)
    json (1.6.6)
    method_source (0.7.1)
    neography (0.0.24)
      httparty (~> 0.7.8)
      json
      os
      rake (>= 0.8.7)
      rubyzip
    os (0.9.6)
    pry (0.9.8.4)
      coderay (~> 1.0.5)
      method_source (~> 0.7.1)
      slop (>= 2.4.4, < 3)
    pry-nav (0.2.0)
      pry (~> 0.9.8.1)
    rake (0.9.2.2)
    rubyzip (0.9.6.1)
    slop (2.4.4)

PLATFORMS
  ruby

DEPENDENCIES
  neography
  pry
  pry-nav
  rake
